GEM
  remote: http://rubygems.org/
  specs:
    CFPropertyList (2.2.8)
    ast (2.3.0)
    awesome_print (1.7.0)
    coderay (1.1.1)
    diff-lcs (1.2.5)
    docile (1.1.5)
    facter (2.4.6)
      CFPropertyList (~> 2.2.6)
    facterdb (0.3.8)
      facter
      jgrep
    hiera (3.2.2)
    jgrep (1.4.1)
      json
    json (1.8.3)
    json_pure (1.8.3)
    method_source (0.8.2)
    parser (2.3.3.1)
      ast (~> 2.2)
    powerpack (0.1.1)
    pry (0.10.4)
      coderay (~> 1.1.0)
      method_source (~> 0.8.1)
      slop (~> 3.4)
    puppet (4.8.1)
      CFPropertyList (~> 2.2.6)
      facter (> 2.0, < 4)
      hiera (>= 2.0, < 4)
      json_pure (~> 1.8)
    rainbow (2.2.1)
    rake (12.0.0)
    rdoc (3.12.2)
      json (~> 1.4)
    release_me (0.1.3)
    rspec (3.5.0)
      rspec-core (~> 3.5.0)
      rspec-expectations (~> 3.5.0)
      rspec-mocks (~> 3.5.0)
    rspec-core (3.5.4)
      rspec-support (~> 3.5.0)
    rspec-expectations (3.5.0)
      diff-lcs (>= 1.2.0, < 2.0)
      rspec-support (~> 3.5.0)
    rspec-mocks (3.5.0)
      diff-lcs (>= 1.2.0, < 2.0)
      rspec-support (~> 3.5.0)
    rspec-support (3.5.0)
    rubocop (0.46.0)
      parser (>= 2.3.1.1, < 3.0)
      powerpack (~> 0.1)
      rainbow (>= 1.99.1, < 3.0)
      ruby-progressbar (~> 1.7)
      unicode-display_width (~> 1.0, >= 1.0.1)
    ruby-progressbar (1.8.1)
    simplecov (0.12.0)
      docile (~> 1.1.0)
      json (>= 1.8, < 3)
      simplecov-html (~> 0.10.0)
    simplecov-html (0.10.0)
    slop (3.6.0)
    unicode-display_width (1.1.2)

PLATFORMS
  ruby

DEPENDENCIES
  awesome_print (~> 1.6)
  bundler
  facterdb (>= 0.3.8)
  json_pure (<= 2.0.1)
  pry
  puppet (>= 3.8)
  rake
  rdoc (~> 3.12)
  release_me
  rspec
  rubocop
  simplecov

BUNDLED WITH
   1.13.6
